PATH
  remote: .
  specs:
    rails_admin_import (0.1.9)

GEM
  remote: http://rubygems.org/
  specs:

PLATFORMS
  ruby

DEPENDENCIES
  rails_admin_import!
